PATH
  remote: ../..
  specs:
    mini-rails (0.0.1)
      rack (~> 2.x)
      sprockets (~> 3.0)

GEM
  remote: https://gems.ruby-china.com/
  specs:
    coffee-script (2.4.1)
      coffee-script-source
      execjs
    coffee-script-source (1.12.2)
    concurrent-ruby (1.0.5)
    daemons (1.2.6)
    eventmachine (1.2.7)
    execjs (2.7.0)
    ffi (1.9.25)
    listen (3.1.1)
      rb-fsevent (>= 0.9.3)
      rb-inotify (>= 0.9.7)
    minitest (5.11.3)
    rack (2.0.5)
    rake (10.5.0)
    rb-fsevent (0.10.3)
    rb-inotify (0.9.10)
      ffi (>= 0.5.0, < 2)
    rerun (0.13.0)
      listen (~> 3.0)
    sass (3.6.0)
      sass-listen (~> 4.0.0)
    sass-listen (4.0.0)
      rb-fsevent (~> 0.9, >= 0.9.4)
      rb-inotify (~> 0.9, >= 0.9.7)
    sprockets (3.7.2)
      concurrent-ruby (~> 1.0)
      rack (> 1, < 3)
    sqlite3 (1.3.13)
    thin (1.7.2)
      daemons (~> 1.0, >= 1.0.9)
      eventmachine (~> 1.0, >= 1.0.4)
      rack (>= 1, < 3)

PLATFORMS
  ruby

DEPENDENCIES
  bundler (~> 1.16)
  coffee-script
  listen (= 3.1.1)
  mini-rails!
  minitest (~> 5.0)
  rake (~> 10.0)
  rerun
  sass
  sqlite3
  thin

BUNDLED WITH
   1.16.4
